GEM
  remote: https://rubygems.org/
  specs:
    net-sftp (4.0.0)
      net-ssh (>= 5.0.0, < 8.0.0)
    net-ssh (7.2.1)

PLATFORMS
  ruby

DEPENDENCIES
  net-sftp (~> 4.0, >= 2.1.2)

BUNDLED WITH
   2.5.6
